GEM
  remote: http://rubygems.org/
  specs:
    angus (0.0.9)
      angus-router (~> 0.0, >= 0.0.3)
      angus-sdoc (~> 0.0, >= 0.0.5)
      thor
    angus-router (0.0.3)
      rack (~> 1.5)
    angus-sdoc (0.0.5)
    childprocess (0.3.9)
      ffi (~> 1.0, >= 1.0.11)
    choice (0.1.6)
    daemons (1.1.9)
    eventmachine (1.0.3)
    ffi (1.9.3-java)
    mizuno (0.6.6)
      childprocess (>= 0.2.6)
      choice (>= 0.1.0)
      ffi (>= 1.0.0)
      rack (>= 1.0.0)
    rack (1.5.2)
    rake (10.1.0)
    thin (1.6.1)
      daemons (>= 1.0.9)
      eventmachine (>= 1.0.0)
      rack (>= 1.0.0)
    thor (0.18.1)

PLATFORMS
  java
  ruby

DEPENDENCIES
  angus (= 0.0.9)
  mizuno
  rake
  thin
